GEM
  remote: http://rubygems.org/
  specs:
    diff-lcs (1.2.0)
    rake (10.0.3)
    rspec (2.0.1)
      rspec-core (~> 2.0.1)
      rspec-expectations (~> 2.0.1)
      rspec-mocks (~> 2.0.1)
    rspec-core (2.0.1)
    rspec-expectations (2.0.1)
      diff-lcs (>= 1.1.2)
    rspec-mocks (2.0.1)
      rspec-core (~> 2.0.1)
      rspec-expectations (~> 2.0.1)

PLATFORMS
  x86-mingw32

DEPENDENCIES
  rake
  rspec (>= 2.0)
